GEM
  remote: https://rubygems.org/
  specs:
    open-uri-cached (0.0.5)

PLATFORMS
  ruby

DEPENDENCIES
  open-uri-cached

BUNDLED WITH
   1.11.2
